PATH
  remote: .
  specs:
    Project_CLI (0.1.0)

GEM
  remote: https://rubygems.org/
  specs:
    bigdecimal (3.1.8)
    coderay (1.1.3)
    csv (3.3.0)
    httparty (0.22.0)
      csv
      mini_mime (>= 1.0.0)
      multi_xml (>= 0.5.2)
    method_source (1.1.0)
    mini_mime (1.1.5)
    multi_xml (0.7.1)
      bigdecimal (~> 3.1)
    pry (0.14.2)
      coderay (~> 1.1)
      method_source (~> 1.0)
    rake (10.5.0)

PLATFORMS
  x64-mingw-ucrt

DEPENDENCIES
  Project_CLI!
  bundler (~> 2.0)
  httparty (~> 0.22.0)
  pry (~> 0.14.2)
  rake (~> 10.0)

BUNDLED WITH
   2.5.15
